PATH
  remote: .
  specs:
    thefox-wallet (0.8.0)
      ArgsParser (~> 1.0)

GEM
  remote: https://rubygems.org/
  specs:
    ArgsParser (1.0.0)
    coderay (1.1.0)
    method_source (0.8.2)
    minitest (5.8.3)
    pry (0.10.3)
      coderay (~> 1.1.0)
      method_source (~> 0.8.1)
      slop (~> 3.4)
    rake (10.4.2)
    slop (3.6.0)

PLATFORMS
  ruby

DEPENDENCIES
  bundler (~> 1.10)
  minitest (~> 5.7)
  pry (~> 0.10)
  rake (~> 10.0)
  thefox-wallet!

BUNDLED WITH
   1.10.2
